GEM
  remote: http://rubygems.org/
  specs:
    haml (5.0.0)
    json (1.8.1-java)
    progressbar (0.21.0)
    rake (10.3.2)
    rdoc (4.1.1)
      json (~> 1.4)

PLATFORMS
  java

DEPENDENCIES
  haml (~> 5.0.0)
  json
  progressbar
  rake
  rdoc
